GEM
  remote: http://rubygems.org/
  specs:
    addressable (2.5.1)
      public_suffix (~> 2.0, >= 2.0.2)
    appium_capybara (1.3.0)
      appium_lib (>= 4.1.0)
      capybara (~> 2.7)
    appium_lib (8.0.2)
      awesome_print (~> 1.6)
      json (~> 1.8)
      nokogiri (~> 1.6.6)
      selenium-webdriver (~> 2.49)
      tomlrb (~> 1.1)
    awesome_print (1.7.0)
    builder (3.2.3)
    capybara (2.7.0)
      addressable
      mime-types (>= 1.16)
      nokogiri (>= 1.3.3)
      rack (>= 1.0.0)
      rack-test (>= 0.5.4)
      xpath (~> 2.0)
    childprocess (0.7.0)
      ffi (~> 1.0, >= 1.0.11)
    chunky_png (1.3.8)
    cliver (0.3.2)
    coderay (1.1.1)
    cucumber (2.3.3)
      builder (>= 2.1.2)
      cucumber-core (~> 1.4.0)
      cucumber-wire (~> 0.0.1)
      diff-lcs (>= 1.1.3)
      gherkin (~> 3.2.0)
      multi_json (>= 1.7.5, < 2.0)
      multi_test (>= 0.1.2)
    cucumber-core (1.4.0)
      gherkin (~> 3.2.0)
    cucumber-wire (0.0.1)
    diff-lcs (1.3)
    ffi (1.9.18)
    gherkin (3.2.0)
    json (1.8.6)
    logger (1.2.8)
    method_source (0.8.2)
    mime-types (3.1)
      mime-types-data (~> 3.2015)
    mime-types-data (3.2016.0521)
    mini_portile2 (2.1.0)
    multi_json (1.12.1)
    multi_test (0.1.2)
    mustache (1.0.5)
    nokogiri (1.6.8.1)
      mini_portile2 (~> 2.1.0)
    phantomjs (2.1.1.0)
    poltergeist (1.15.0)
      capybara (~> 2.1)
      cliver (~> 0.3.1)
      websocket-driver (>= 0.2.0)
    power_assert (1.0.2)
    pry (0.10.4)
      coderay (~> 1.1.0)
      method_source (~> 0.8.1)
      slop (~> 3.4)
    public_suffix (2.0.5)
    rack (2.0.2)
    rack-test (0.6.3)
      rack (>= 1.0)
    rspec (3.5.0)
      rspec-core (~> 3.5.0)
      rspec-expectations (~> 3.5.0)
      rspec-mocks (~> 3.5.0)
    rspec-core (3.5.4)
      rspec-support (~> 3.5.0)
    rspec-expectations (3.5.0)
      diff-lcs (>= 1.2.0, < 2.0)
      rspec-support (~> 3.5.0)
    rspec-mocks (3.5.0)
      diff-lcs (>= 1.2.0, < 2.0)
      rspec-support (~> 3.5.0)
    rspec-support (3.5.0)
    rubyzip (1.2.1)
    selenium-cucumber (2.1.4)
      appium_lib (>= 4.0.0)
      chunky_png (>= 1.3.0)
      cucumber (>= 1.3.18)
      selenium-webdriver (>= 2.41.0)
    selenium-webdriver (2.53.0)
      childprocess (~> 0.5)
      rubyzip (~> 1.0)
      websocket (~> 1.0)
    slop (3.6.0)
    test-unit (3.1.8)
      power_assert
    tomlrb (1.2.4)
    websocket (1.2.4)
    websocket-driver (0.6.5)
      websocket-extensions (>= 0.1.0)
    websocket-extensions (0.1.2)
    xpath (2.0.0)
      nokogiri (~> 1.3)

PLATFORMS
  ruby

DEPENDENCIES
  appium_capybara (= 1.3.0)
  appium_lib (= 8.0.2)
  capybara (= 2.7.0)
  cucumber (= 2.3.3)
  logger
  mustache (~> 1.0)
  phantomjs
  poltergeist
  pry
  rspec (= 3.5.0)
  selenium-cucumber (= 2.1.4)
  selenium-webdriver (= 2.53.0)
  test-unit (= 3.1.8)

BUNDLED WITH
   1.14.6
